GEM
  remote: https://rubygems.org/
  specs:
    cloud_events (0.7.0)
    functions_framework (0.11.0)
      cloud_events (>= 0.5.1, < 2.a)
      puma (>= 4.3.0, < 6.a)
      rack (~> 2.1)
    nio4r (2.5.9)
    puma (5.6.7)
      nio4r (~> 2.0)
    rack (2.2.6.4)

PLATFORMS
  ruby

DEPENDENCIES
  functions_framework (~> 0.4)

BUNDLED WITH
   2.3.20
