GEM
  remote: https://rubygems.org/
  specs:
    daemons (1.4.1)
    eventmachine (1.2.7)
    mustermann (2.0.2)
      ruby2_keywords (~> 0.0.1)
    rack (2.2.6.2)
    rack-protection (2.2.3)
      rack
    ruby2_keywords (0.0.5)
    sinatra (2.2.3)
      mustermann (~> 2.0)
      rack (~> 2.2)
      rack-protection (= 2.2.3)
      tilt (~> 2.0)
    thin (1.8.1)
      daemons (~> 1.0, >= 1.0.9)
      eventmachine (~> 1.0, >= 1.0.4)
      rack (>= 1, < 3)
    tilt (2.0.11)

PLATFORMS
  ruby

DEPENDENCIES
  sinatra
  thin

BUNDLED WITH
   2.3.20
