GEM
  remote: https://rubygems.org/
  specs:
    rack (2.2.20)
    webrick (1.7.0)

PLATFORMS
  ruby

DEPENDENCIES
  rack
  webrick

BUNDLED WITH
   2.3.20
