GEM
  remote: https://rubygems.org/
  specs:
    rack (2.2.11)
    roda (3.58.0)
      rack
    webrick (1.8.2)

PLATFORMS
  ruby

DEPENDENCIES
  rack
  roda
  webrick

BUNDLED WITH
   2.3.20
