GEM
  remote: https://rubygems.org/
  specs:
    rack (2.2.6.2)
    roda (3.58.0)
      rack
    webrick (1.7.0)

PLATFORMS
  ruby

DEPENDENCIES
  rack
  roda
  webrick

BUNDLED WITH
   2.3.20
